GEM
  remote: http://rubygems.org/
  specs:
    builder (3.0.0)
    ci_reporter (1.7.0)
      builder (>= 2.1.2)
    diff-lcs (1.1.3)
    gokdok (0.4.2)
      grit (>= 1.1.1)
    grit (2.5.0)
      diff-lcs (~> 1.1)
      mime-types (~> 1.15)
      posix-spawn (~> 0.3.6)
    mime-types (1.18)
    posix-spawn (0.3.6)
    rake (12.3.3)
    test-unit (2.4.8)

PLATFORMS
  ruby

DEPENDENCIES
  ci_reporter
  gokdok
  rake
  test-unit
